GEM
  remote: https://rubygems.org/
  specs:
    activemodel (4.1.8)
      activesupport (= 4.1.8)
      builder (~> 3.1)
    activerecord (4.1.8)
      activemodel (= 4.1.8)
      activesupport (= 4.1.8)
      arel (~> 5.0.0)
    activesupport (4.1.8)
      i18n (~> 0.6, >= 0.6.9)
      json (~> 1.7, >= 1.7.7)
      minitest (~> 5.1)
      thread_safe (~> 0.1)
      tzinfo (~> 1.1)
    arel (5.0.1.20140414130214)
    builder (3.2.2)
    byebug (3.5.1)
      columnize (~> 0.8)
      debugger-linecache (~> 1.2)
      slop (~> 3.6)
    columnize (0.9.0)
    debugger-linecache (1.2.0)
    i18n (0.6.11)
    jbuilder (1.5.3)
      activesupport (>= 3.0.0)
      multi_json (>= 1.2.0)
    json (1.8.1)
    mime-types (2.4.3)
    minitest (5.4.3)
    multi_json (1.10.1)
    netrc (0.7.7)
    pg (0.17.1)
    rest-client (1.6.7)
      mime-types (>= 1.16)
    sendgrid-ruby (0.0.3)
      rest-client
      smtpapi
    slop (3.6.0)
    smtpapi (0.0.9)
    thread_safe (0.3.4)
    tzinfo (1.2.2)
      thread_safe (~> 0.1)

PLATFORMS
  ruby

DEPENDENCIES
  activerecord (~> 4.1)
  byebug
  jbuilder (~> 1.2)
  netrc (~> 0.7)
  pg (= 0.17.1)
  rest-client (~> 1.6)
  sendgrid-ruby
  smtpapi
